GEM
  remote: https://rubygems.org/
  specs:
    byebug (11.1.3)
    coderay (1.1.3)
    method_source (0.8.2)
    pry (0.10.4)
      coderay (~> 1.1.0)
      method_source (~> 0.8.1)
      slop (~> 3.4)
    pry-byebug (3.8.0)
      byebug (~> 11.0)
      pry (~> 0.10)
    slop (3.6.0)

PLATFORMS
  x86_64-linux

DEPENDENCIES
  byebug
  pry (~> 0.10.4)
  pry-byebug (~> 3.4)

BUNDLED WITH
   2.2.17
